GEM
  remote: http://rubygems.org/
  specs:
    diff-lcs (1.1.3)
    rspec (1.3.2)
    rspec-core (2.8.0)
    rspec-expectations (2.8.0)
      diff-lcs (~> 1.1.2)
    rspec-mocks (2.8.0)
    shoulda (2.11.3)
    trollop (1.16.2)

PLATFORMS
  ruby

DEPENDENCIES
  rspec (= 1.3.2)
  rspec-core (= 2.8.0)
  rspec-expectations (= 2.8.0)
  rspec-mocks (= 2.8.0)
  shoulda (= 2.11.3)
  trollop
