GEM
  remote: http://rubygems.org/
  specs:
    coderay (1.0.5)
    diff-lcs (1.1.3)
    fakefs (0.4.0)
    method_source (0.7.0)
    pry (0.9.8.2)
      coderay (~> 1.0.5)
      method_source (~> 0.7)
      slop (>= 2.4.4, < 3)
    rspec (1.3.2)
    rspec-core (2.8.0)
    rspec-expectations (2.8.0)
      diff-lcs (~> 1.1.2)
    rspec-mocks (2.8.0)
    slop (2.4.4)
    trollop (1.16.2)

PLATFORMS
  ruby

DEPENDENCIES
  fakefs
  pry
  rspec (= 1.3.2)
  rspec-core (= 2.8.0)
  rspec-expectations (= 2.8.0)
  rspec-mocks (= 2.8.0)
  trollop
